GIT
  remote: git://github.com/ncbo/goo.git
  revision: 7ee563d46f2e4237e772104c7b8ac0bd7abf240f
  branch: master
  specs:
    goo (0.0.2)
      addressable (= 2.3.5)
      pry
      rdf (= 1.0.8)
      redis
      rest-client
      rsolr
      sparql-client
      systemu
      uuid

GIT
  remote: git://github.com/ncbo/sparql-client.git
  revision: 39cb76898cb6c8896c43aa076e493280d9621998
  branch: master
  specs:
    sparql-client (1.0.1)
      json_pure (>= 1.4)
      net-http-persistent (= 2.9.4)
      rdf (>= 1.0)

PATH
  remote: .
  specs:
    ncbo_resource_index (0.0.1)
      elasticsearch (= 2.0.0)
      mysql2 (= 0.5.2)
      pony
      ref
      ruby-xxHash
      sequel
      typhoeus

GEM
  remote: https://rubygems.org/
  specs:
    activesupport (6.0.3.1)
      concurrent-ruby (~> 1.0, >= 1.0.2)
      i18n (>= 0.7, < 2)
      minitest (~> 5.1)
      tzinfo (~> 1.1)
      zeitwerk (~> 2.2, >= 2.2.2)
    addressable (2.3.5)
    builder (3.2.4)
    coderay (1.1.2)
    concurrent-ruby (1.1.6)
    cube-ruby (0.0.3)
    domain_name (0.5.20190701)
      unf (>= 0.0.5, < 1.0.0)
    elasticsearch (2.0.0)
      elasticsearch-api (= 2.0.0)
      elasticsearch-transport (= 2.0.0)
    elasticsearch-api (2.0.0)
      multi_json
    elasticsearch-transport (2.0.0)
      faraday
      multi_json
    ethon (0.12.0)
      ffi (>= 1.3.0)
    faraday (0.17.1)
      multipart-post (>= 1.2, < 3)
    ffi (1.11.3)
    http-accept (1.7.0)
    http-cookie (1.0.3)
      domain_name (~> 0.5)
    i18n (1.8.2)
      concurrent-ruby (~> 1.0)
    json_pure (2.2.0)
    macaddr (1.7.2)
      systemu (~> 2.6.5)
    mail (2.7.1)
      mini_mime (>= 0.1.1)
    method_source (0.9.2)
    mime-types (3.3)
      mime-types-data (~> 3.2015)
    mime-types-data (3.2019.1009)
    mini_mime (1.0.2)
    minitest (5.13.0)
    multi_json (1.14.1)
    multipart-post (2.1.1)
    mysql2 (0.5.2)
    net-http-persistent (2.9.4)
    netrc (0.11.0)
    pony (1.13.1)
      mail (>= 2.0)
    pry (0.12.2)
      coderay (~> 1.1.0)
      method_source (~> 0.9.0)
    rake (13.0.1)
    rdf (1.0.8)
      addressable (>= 2.2)
    redis (4.1.3)
    ref (2.0.0)
    rest-client (2.1.0)
      http-accept (>= 1.7.0, < 2.0)
      http-cookie (>= 1.0.2, < 2.0)
      mime-types (>= 1.16, < 4.0)
      netrc (~> 0.8)
    rsolr (2.2.1)
      builder (>= 2.1.2)
      faraday (>= 0.9.0)
    ruby-xxHash (0.4.0.1)
    sequel (5.27.0)
    sqlite3 (1.4.1)
    systemu (2.6.5)
    thread_safe (0.3.6)
    typhoeus (1.3.1)
      ethon (>= 0.9.0)
    tzinfo (1.2.7)
      thread_safe (~> 0.1)
    unf (0.1.4)
      unf_ext
    unf_ext (0.0.7.6)
    uuid (2.3.9)
      macaddr (~> 1.0)
    zeitwerk (2.3.0)

PLATFORMS
  ruby
  x86_64-darwin-16

DEPENDENCIES
  activesupport
  bundler (~> 1.3)
  cube-ruby
  goo!
  jdbc-sqlite3
  minitest
  mysql2
  ncbo_resource_index!
  pry
  rake
  sparql-client!
  sqlite3

BUNDLED WITH
   1.16.0
